GEM
  remote: https://rubygems.org/
  specs:
    coderay (1.0.9)
    haml (4.0.3)
      tilt
    method_source (0.8.1)
    pry (0.9.12.2)
      coderay (~> 1.0.5)
      method_source (~> 0.8)
      slop (~> 3.4)
    rack (1.5.2)
    rack-protection (1.5.0)
      rack
    shotgun (0.9)
      rack (>= 1.0)
    sinatra (1.4.3)
      rack (~> 1.4)
      rack-protection (~> 1.4)
      tilt (~> 1.3, >= 1.3.4)
    slop (3.4.5)
    tilt (1.4.1)
    word_bunny (0.0.2)

PLATFORMS
  ruby

DEPENDENCIES
  haml
  pry (~> 0.9.12.2)
  shotgun (~> 0.9)
  sinatra (~> 1.4.3)
  word_bunny (~> 0.0.2)
